GEM
  remote: https://rubygems.org/
  specs:
    childprocess (3.0.0)
    dotenv (2.7.5)
    faraday (1.0.0)
      multipart-post (>= 1.2, < 3)
    headless (2.3.1)
    jwt (2.2.1)
    mini_portile2 (2.4.0)
    multipart-post (2.1.1)
    nokogiri (1.10.9)
      mini_portile2 (~> 2.4.0)
    regexp_parser (1.7.0)
    rubyzip (2.2.0)
    selenium-webdriver (3.142.7)
      childprocess (>= 0.5, < 4.0)
      rubyzip (>= 1.2.2)
    twilio-ruby (5.31.6)
      faraday (~> 1.0.0)
      jwt (>= 1.5, <= 2.5)
      nokogiri (>= 1.6, < 2.0)
    watir (6.16.5)
      regexp_parser (~> 1.2)
      selenium-webdriver (~> 3.6)
    webdrivers (4.2.0)
      nokogiri (~> 1.6)
      rubyzip (>= 1.3.0)
      selenium-webdriver (>= 3.0, < 4.0)

PLATFORMS
  ruby

DEPENDENCIES
  dotenv (~> 2.7, >= 2.7.5)
  headless (~> 2.2, >= 2.2.3)
  twilio-ruby (~> 5.31, >= 5.31.6)
  watir (~> 6.16, >= 6.16.5)
  webdrivers (~> 4.2)

BUNDLED WITH
   2.1.4
